GEM
  remote: https://rubygems.org/
  specs:
    cinch (2.0.11)
    haml (4.0.4)
      tilt
    redis (3.0.6)
    tilt (2.0.0)

PLATFORMS
  ruby

DEPENDENCIES
  cinch
  haml
  redis
